GEM
  remote: http://rubygems.org/
  specs:
    abstract (1.0.0)
    actionmailer (3.0.7)
      actionpack (= 3.0.7)
      mail (~> 2.2.15)
    actionpack (3.0.7)
      activemodel (= 3.0.7)
      activesupport (= 3.0.7)
      builder (~> 2.1.2)
      erubis (~> 2.6.6)
      i18n (~> 0.5.0)
      rack (~> 1.2.1)
      rack-mount (~> 0.6.14)
      rack-test (~> 0.5.7)
      tzinfo (~> 0.3.23)
    activemodel (3.0.7)
      activesupport (= 3.0.7)
      builder (~> 2.1.2)
      i18n (~> 0.5.0)
    activerecord (3.0.7)
      activemodel (= 3.0.7)
      activesupport (= 3.0.7)
      arel (~> 2.0.2)
      tzinfo (~> 0.3.23)
    activeresource (3.0.7)
      activemodel (= 3.0.7)
      activesupport (= 3.0.7)
    activesupport (3.0.7)
    acts_as_tree (0.1.1)
    addressable (2.2.2)
    arel (2.0.10)
    aws-s3 (0.6.2)
      builder
      mime-types
      xml-simple
    babosa (0.3.3)
    bcrypt-ruby (2.1.2)
    builder (2.1.2)
    cancan (1.4.1)
    closure-compiler (0.3.3)
    crack (0.1.8)
    daemons (1.1.0)
    devise (1.1.5)
      bcrypt-ruby (~> 2.1.2)
      warden (~> 1.0.2)
    erubis (2.6.6)
      abstract (>= 1.0.0)
    eventmachine (0.12.10)
    extlib (0.9.15)
    friendly_id (3.2.1.1)
      babosa (~> 0.3.0)
    highline (1.6.1)
    hirb (0.3.5)
    i18n (0.5.0)
    jammit (0.5.3)
      closure-compiler (>= 0.1.0)
      yui-compressor (>= 0.9.1)
    jquery-rails (0.2.6)
      rails (~> 3.0)
      thor (~> 0.14.4)
    json (1.4.6)
    ken (0.2.0)
      addressable
      extlib
      json
    mail (2.2.19)
      activesupport (>= 2.3.6)
      i18n (>= 0.4.0)
      mime-types (~> 1.16)
      treetop (~> 1.4.8)
    mime-types (1.16)
    mocha (0.9.10)
      rake
    nifty-generators (0.4.2)
    oauth (0.4.4)
    open-meta-tags (0.4.0)
    panda (1.2.2)
      json (>= 1.2)
      rest-client (>= 1.4)
      ruby-hmac (>= 0.3.2)
    paperclip (2.3.8)
      activerecord
      activesupport
    pg (0.10.1)
    polyglot (0.3.1)
    rack (1.2.3)
    rack-mount (0.6.14)
      rack (>= 1.0.0)
    rack-test (0.5.7)
      rack (>= 1.0)
    rails (3.0.7)
      actionmailer (= 3.0.7)
      actionpack (= 3.0.7)
      activerecord (= 3.0.7)
      activeresource (= 3.0.7)
      activesupport (= 3.0.7)
      bundler (~> 1.0)
      railties (= 3.0.7)
    railties (3.0.7)
      actionpack (= 3.0.7)
      activesupport (= 3.0.7)
      rake (>= 0.8.7)
      thor (~> 0.14.4)
    rake (0.9.2)
    rest-client (1.6.1)
      mime-types (>= 1.16)
    ruby-hmac (0.4.0)
    ruby-mp3info (0.6.13)
    ruby-ole (1.2.11.1)
    simple_form (1.2.2)
    spreadsheet (0.6.5.0)
      ruby-ole
    texticle (1.0.4.20101004123327)
    thin (1.2.7)
      daemons (>= 1.0.9)
      eventmachine (>= 0.12.6)
      rack (>= 1.0.0)
    thor (0.14.6)
    to_xls (0.1.2)
      spreadsheet
    treetop (1.4.9)
      polyglot (>= 0.3.1)
    tumblr-rb (1.3.0)
      highline (>= 1.5.2)
      weary (>= 0.7.1)
    tzinfo (0.3.29)
    warden (1.0.2)
      rack (>= 1.0.0)
    weary (0.7.2)
      crack (>= 0.1.7)
      oauth (>= 0.3.5)
    will_paginate (3.0.pre2)
    xml-mapping (0.8.1)
    xml-simple (1.0.12)
    yui-compressor (0.9.1)

PLATFORMS
  ruby

DEPENDENCIES
  acts_as_tree
  aws-s3
  cancan
  devise
  friendly_id (~> 3.2.1)
  hirb
  jammit
  jquery-rails
  ken
  mocha
  nifty-generators
  open-meta-tags
  panda
  paperclip (= 2.3.8)
  pg (= 0.10.1)
  rails (= 3.0.7)
  ruby-mp3info
  simple_form
  texticle (~> 1.0.4)
  thin
  to_xls
  tumblr-rb
  will_paginate (~> 3.0.pre2)
  xml-mapping (= 0.8.1)
