GIT
  remote: git://github.com/gregbell/active_admin.git
  revision: 223ead4294955f9efdc43aceb63f804ac5c63c48
  specs:
    activeadmin (0.3.3)
      devise (>= 1.1.2)
      fastercsv
      formtastic (>= 2.0.0)
      inherited_resources (< 1.3.0)
      kaminari (>= 0.12.4)
      meta_search (>= 0.9.2)
      rails (>= 3.0.0)
      sass (>= 3.1.0)

GEM
  remote: http://rubygems.org/
  specs:
    abstract (1.0.0)
    actionmailer (3.0.10)
      actionpack (= 3.0.10)
      mail (~> 2.2.19)
    actionpack (3.0.10)
      activemodel (= 3.0.10)
      activesupport (= 3.0.10)
      builder (~> 2.1.2)
      erubis (~> 2.6.6)
      i18n (~> 0.5.0)
      rack (~> 1.2.1)
      rack-mount (~> 0.6.14)
      rack-test (~> 0.5.7)
      tzinfo (~> 0.3.23)
    activemodel (3.0.10)
      activesupport (= 3.0.10)
      builder (~> 2.1.2)
      i18n (~> 0.5.0)
    activerecord (3.0.10)
      activemodel (= 3.0.10)
      activesupport (= 3.0.10)
      arel (~> 2.0.10)
      tzinfo (~> 0.3.23)
    activeresource (3.0.10)
      activemodel (= 3.0.10)
      activesupport (= 3.0.10)
    activesupport (3.0.10)
    addressable (2.2.2)
    arel (2.0.10)
    aws-s3 (0.6.2)
      builder
      mime-types
      xml-simple
    babosa (0.3.3)
    bcrypt-ruby (2.1.2)
    builder (2.1.2)
    cancan (1.4.1)
    closure-compiler (0.3.3)
    cocaine (0.2.0)
    crack (0.1.8)
    daemons (1.1.0)
    devise (1.1.5)
      bcrypt-ruby (~> 2.1.2)
      warden (~> 1.0.2)
    erubis (2.6.6)
      abstract (>= 1.0.0)
    eventmachine (0.12.10)
    extlib (0.9.15)
    fastercsv (1.5.4)
    formtastic (2.0.2)
      rails (~> 3.0)
    friendly_id (3.2.1.1)
      babosa (~> 0.3.0)
    has_scope (0.5.1)
    highline (1.6.1)
    hirb (0.3.5)
    i18n (0.5.0)
    inherited_resources (1.2.2)
      has_scope (~> 0.5.0)
      responders (~> 0.6.0)
    jammit (0.5.3)
      closure-compiler (>= 0.1.0)
      yui-compressor (>= 0.9.1)
    jquery-rails (0.2.6)
      rails (~> 3.0)
      thor (~> 0.14.4)
    json (1.4.6)
    kaminari (0.12.4)
      rails (>= 3.0.0)
    ken (0.2.0)
      addressable
      extlib
      json
    mail (2.2.19)
      activesupport (>= 2.3.6)
      i18n (>= 0.4.0)
      mime-types (~> 1.16)
      treetop (~> 1.4.8)
    meta_search (1.0.6)
      actionpack (~> 3.0.2)
      activerecord (~> 3.0.2)
      activesupport (~> 3.0.2)
      arel (~> 2.0.2)
    mime-types (1.16)
    nifty-generators (0.4.2)
    oauth (0.4.4)
    open-meta-tags (0.4.0)
    panda (1.2.2)
      json (>= 1.2)
      rest-client (>= 1.4)
      ruby-hmac (>= 0.3.2)
    paperclip (2.4.5)
      activerecord (>= 2.3.0)
      activesupport (>= 2.3.2)
      cocaine (>= 0.0.2)
      mime-types
    pg (0.10.1)
    polyglot (0.3.2)
    rack (1.2.4)
    rack-mount (0.6.14)
      rack (>= 1.0.0)
    rack-test (0.5.7)
      rack (>= 1.0)
    rails (3.0.10)
      actionmailer (= 3.0.10)
      actionpack (= 3.0.10)
      activerecord (= 3.0.10)
      activeresource (= 3.0.10)
      activesupport (= 3.0.10)
      bundler (~> 1.0)
      railties (= 3.0.10)
    rails3-jquery-autocomplete (1.0.4)
      rails (~> 3.0)
    railties (3.0.10)
      actionpack (= 3.0.10)
      activesupport (= 3.0.10)
      rake (>= 0.8.7)
      rdoc (~> 3.4)
      thor (~> 0.14.4)
    rake (0.9.2)
    rdoc (3.9.4)
    responders (0.6.4)
    rest-client (1.6.1)
      mime-types (>= 1.16)
    ruby-hmac (0.4.0)
    ruby-mp3info (0.6.13)
    ruby-ole (1.2.11.1)
    sass (3.1.10)
    simple_form (1.2.2)
    spreadsheet (0.6.5.0)
      ruby-ole
    texticle (1.0.4.20101004123327)
    thin (1.2.7)
      daemons (>= 1.0.9)
      eventmachine (>= 0.12.6)
      rack (>= 1.0.0)
    thor (0.14.6)
    to_xls (0.1.2)
      spreadsheet
    treetop (1.4.10)
      polyglot
      polyglot (>= 0.3.1)
    tumblr-rb (1.3.0)
      highline (>= 1.5.2)
      weary (>= 0.7.1)
    tzinfo (0.3.29)
    warden (1.0.2)
      rack (>= 1.0.0)
    weary (0.7.2)
      crack (>= 0.1.7)
      oauth (>= 0.3.5)
    will_paginate (3.0.pre2)
    xml-mapping (0.8.1)
    xml-simple (1.0.12)
    yui-compressor (0.9.1)

PLATFORMS
  ruby

DEPENDENCIES
  activeadmin!
  aws-s3 (~> 0.6.2)
  cancan
  devise
  friendly_id (~> 3.2.1)
  hirb
  jammit
  jquery-rails
  ken
  meta_search
  mime-types (~> 1.16)
  nifty-generators
  open-meta-tags
  panda
  paperclip (~> 2.4)
  pg (= 0.10.1)
  rails (= 3.0.10)
  rails3-jquery-autocomplete (= 1.0.4)
  ruby-mp3info
  simple_form
  texticle (~> 1.0.4)
  thin
  to_xls
  tumblr-rb
  will_paginate (~> 3.0.pre2)
  xml-mapping (= 0.8.1)
